GIT
  remote: git@github.com:daveheitzman/opal.git
  revision: 926ab40e4389a22d016b38c43ac1b227418dd329
  ref: 926ab40e4389a22d016b38c43ac1b227418dd329
  specs:
    opal (0.7.0.beta3)
      hike (~> 1.2)
      sourcemap (~> 0.1.0)
      sprockets (>= 2.2.3, < 4.0.0)
      tilt (~> 1.4)

PATH
  remote: ../../yeah
  specs:
    yeah (0.4.3.dev)
      opal (~> 0.7.0.beta1)

GEM
  remote: https://rubygems.org/
  specs:
    concurrent-ruby (1.0.0)
    hike (1.2.3)
    rack (1.6.4)
    sourcemap (0.1.1)
    sprockets (3.5.2)
      concurrent-ruby (~> 1.0)
      rack (> 1, < 3)
    tilt (1.4.1)

PLATFORMS
  ruby

DEPENDENCIES
  opal!
  yeah!
